GEM
  remote: https://rubygems.org/
  specs:
    andand (1.3.3)
    mini_portile2 (2.4.0)
    nokogiri (1.10.8)
      mini_portile2 (~> 2.4.0)

PLATFORMS
  ruby

DEPENDENCIES
  andand
  nokogiri

BUNDLED WITH
   1.17.3
