GEM
  remote: https://rubygems.org/
  specs:
    andand (1.3.3)
    mini_portile2 (2.8.1)
    nokogiri (1.14.3)
      mini_portile2 (~> 2.8.0)
      racc (~> 1.4)
    racc (1.6.2)

PLATFORMS
  ruby

DEPENDENCIES
  andand
  nokogiri

BUNDLED WITH
   1.17.3
