GEM
  remote: https://rubygems.org/
  specs:
    andand (1.3.3)
    mini_portile2 (2.6.1)
    nokogiri (1.12.5)
      mini_portile2 (~> 2.6.1)
      racc (~> 1.4)
    racc (1.5.2)

PLATFORMS
  ruby

DEPENDENCIES
  andand
  nokogiri

BUNDLED WITH
   1.17.3
